GEM
  remote: https://rubygems.org/
  specs:
    addressable (2.4.0)
    faraday (0.9.2)
      multipart-post (>= 1.2, < 3)
    multipart-post (2.0.0)
    octokit (4.4.1)
      sawyer (~> 0.7.0, >= 0.5.3)
    rake (12.3.3)
    sawyer (0.7.0)
      addressable (>= 2.3.5, < 2.5)
      faraday (~> 0.8, < 0.10)
    tomlrb (1.2.3)

PLATFORMS
  ruby

DEPENDENCIES
  octokit
  rake
  tomlrb

BUNDLED WITH
   1.12.5
